PATH
  remote: .
  specs:
    sigcdump (0.1.0)

GEM
  remote: https://rubygems.org/
  specs:
    coderay (1.1.2)
    method_source (0.9.2)
    pry (0.12.2)
      coderay (~> 1.1.0)
      method_source (~> 0.9.0)
    rake (13.0.1)
    rake-compiler (1.0.8)
      rake

PLATFORMS
  ruby

DEPENDENCIES
  bundler
  pry
  rake
  rake-compiler
  sigcdump!

BUNDLED WITH
   1.17.2
